{
	"TaskName": "ssvep",
	"Manufacturer": "Compumedics Neuroscan",
	"PowerLineFrequency": 50.0,
	"SamplingFrequency": 250.0,
	"SoftwareFilters": "n/a",
	"RecordingDuration": 543.996,
	"RecordingType": "continuous",
	"EEGReference": "Cz",
	"EEGGround": "n/a",
	"EEGPlacementScheme": "10-05 system",
	"EEGChannelCount": 64,
	"EOGChannelCount": 0,
	"ECGChannelCount": 0,
	"EMGChannelCount": 0,
	"TriggerChannelCount": 0,
	"ManufacturersModelName": "Synamps2 (Neuroscan)",
	"HardwareFilters": {
		"Notch": {
			"CutoffFrequency": [
				50
			]
		}
	},
	"Instructions": "n/a",
	"InstitutionName": "Tsinghua University",
	"InstitutionAddress": "CN",
	"InstitutionalDepartmentName": "Department of Biomedical Engineering, Tsinghua University",
	"CapManufacturer": "n/a",
	"CapManufacturersModelName": "n/a",
	"SubjectArtefactDescription": "Impedance kept below 10 kOhm",
	"DeviceSerialNumber": "n/a",
	"Description": "EEG recording.",
	"MISCChannelCount": 0
}